PATH
  remote: .
  specs:
    imdbak (0.1.0)

GEM
  remote: https://rubygems.org/
  specs:
    coderay (1.1.3)
    method_source (1.0.0)
    minitest (5.14.4)
    pry (0.14.1)
      coderay (~> 1.1)
      method_source (~> 1.0)
    rake (12.3.3)

PLATFORMS
  ruby

DEPENDENCIES
  imdbak!
  minitest (~> 5.0)
  pry (~> 0.14.1)
  rake (~> 12.0)

BUNDLED WITH
   2.1.4
